GIT
  remote: https://github.com/celluloid/reel.git
  revision: f6dd9922ce0e17dbd1a763d1831ac9d7648bc1d3
  specs:
    reel (0.7.0.pre)
      celluloid (>= 0.15.1)
      celluloid-io (>= 0.15.0)
      http (>= 0.6.0.pre)
      http_parser.rb (>= 0.6.0)
      websocket-driver (>= 0.5.1)

GIT
  remote: https://github.com/slact/reel-rack.git
  revision: d625b8f016cf1fd2cea5bd28f263a9b925b44426
  specs:
    reel-rack (0.2.3)
      rack (>= 1.4.0)
      reel (>= 0.5.0)

GEM
  remote: https://rubygems.org/
  specs:
    addressable (2.6.0)
      public_suffix (>= 2.0.2, < 4.0)
    ansi (1.5.0)
    binding_of_caller (0.8.0)
      debug_inspector (>= 0.0.1)
    builder (3.2.3)
    byebug (11.0.1)
    celluloid (0.17.4)
      celluloid-essentials
      celluloid-extras
      celluloid-fsm
      celluloid-pool
      celluloid-supervision
      timers (>= 4.1.1)
    celluloid-essentials (0.20.5)
      timers (>= 4.1.1)
    celluloid-extras (0.20.5)
      timers (>= 4.1.1)
    celluloid-fsm (0.20.5)
      timers (>= 4.1.1)
    celluloid-io (0.17.3)
      celluloid (>= 0.17.2)
      nio4r (>= 1.1)
      timers (>= 4.1.1)
    celluloid-pool (0.20.5)
      timers (>= 4.1.1)
    celluloid-supervision (0.20.6)
      timers (>= 4.1.1)
    coderay (1.1.2)
    coolline (0.5.0)
      unicode_utils (~> 1.4)
    debug_inspector (0.0.3)
    diff-lcs (1.3)
    diffy (3.3.0)
    domain_name (0.5.20180417)
      unf (>= 0.0.5, < 1.0.0)
    ethon (0.12.0)
      ffi (>= 1.3.0)
    ffi (1.10.0)
    grit (2.5.0)
      diff-lcs (~> 1.1)
      mime-types (~> 1.15)
      posix-spawn (~> 0.3.6)
    http (4.1.1)
      addressable (~> 2.3)
      http-cookie (~> 1.0)
      http-form_data (~> 2.0)
      http_parser.rb (~> 0.6.0)
    http-cookie (1.0.3)
      domain_name (~> 0.5)
    http-form_data (2.1.1)
    http_parser.rb (0.6.0)
    interception (0.5)
    irb (1.0.0)
    json (2.2.0)
    method_source (0.9.2)
    mime-types (1.25.1)
    minitest (5.11.3)
    minitest-reporters (1.3.6)
      ansi
      builder
      minitest (>= 5.0)
      ruby-progressbar
    nio4r (2.3.1)
    posix-spawn (0.3.13)
    pry (0.11.3)
      coderay (~> 1.1.0)
      method_source (~> 0.9.0)
    pry-byebug (3.7.0)
      byebug (~> 11.0)
      pry (~> 0.10)
    pry-coolline (0.2.5)
      coolline (~> 0.5)
    pry-doc (1.0.0)
      pry (~> 0.11)
      yard (~> 0.9.11)
    pry-git (0.2.3)
      diffy
      grit
      pry (>= 0.9.8)
    pry-inline (1.0.5)
      pry (> 0.10.0, <= 0.12.2)
      unicode (~> 0.4.4)
    pry-rescue (1.4.5)
      interception (>= 0.5)
      pry
    pry-stack_explorer (0.4.9.3)
      binding_of_caller (>= 0.7)
      pry (>= 0.9.11)
    pry-state (0.1.10)
      pry (>= 0.9.10, < 0.12.0)
    pry-syntax-hacks (0.0.6)
      pry (>= 0.9.8)
    pry-theme (1.3.0)
      coderay (~> 1.1)
    public_suffix (3.0.3)
    rack (2.0.7)
    ruby-progressbar (1.10.0)
    timers (4.3.0)
    typhoeus (1.3.1)
      ethon (>= 0.9.0)
    unf (0.1.4)
      unf_ext
    unf_ext (0.0.7.5)
    unicode (0.4.4.4)
    unicode_utils (1.4.0)
    websocket-driver (0.7.0)
      websocket-extensions (>= 0.1.0)
    websocket-extensions (0.1.3)
    yard (0.9.19)

PLATFORMS
  ruby

DEPENDENCIES
  celluloid
  celluloid-io
  irb
  json
  minitest
  minitest-reporters
  pry
  pry-byebug
  pry-coolline
  pry-doc
  pry-git
  pry-inline
  pry-rescue
  pry-stack_explorer
  pry-state
  pry-syntax-hacks
  pry-theme
  reel!
  reel-rack!
  typhoeus

BUNDLED WITH
   2.0.1
